PATH
  remote: .
  specs:
    pdf-417 (0.9.3)
      chunky_png (~> 1)

GEM
  remote: https://rubygems.org/
  specs:
    chunky_png (1.3.8)

PLATFORMS
  ruby

DEPENDENCIES
  pdf-417!

BUNDLED WITH
   1.14.6
